GEM
  remote: http://rubygems.org/
  specs:
    diff-lcs (1.2.5)
    i18n (0.8.1)
    rack (1.6.4)
    rack-test (0.6.3)
      rack (>= 1.0)
    roda (2.6.0)
      rack
    rspec (3.3.0)
      rspec-core (~> 3.3.0)
      rspec-expectations (~> 3.3.0)
      rspec-mocks (~> 3.3.0)
    rspec-core (3.3.2)
      rspec-support (~> 3.3.0)
    rspec-expectations (3.3.1)
      diff-lcs (>= 1.2.0, < 2.0)
      rspec-support (~> 3.3.0)
    rspec-mocks (3.3.2)
      diff-lcs (>= 1.2.0, < 2.0)
      rspec-support (~> 3.3.0)
    rspec-support (3.3.0)
    ruby-enum (0.7.1)
      i18n

PLATFORMS
  ruby

DEPENDENCIES
  rack-test
  roda
  rspec
  ruby-enum

BUNDLED WITH
   1.12.5
